PATH
  remote: .
  specs:
    faktory_worker_ruby (0.7.0)
      connection_pool (~> 2.2, >= 2.2.1)

GEM
  remote: https://rubygems.org/
  specs:
    activejob (5.1.5)
      activesupport (= 5.1.5)
      globalid (>= 0.3.6)
    activesupport (5.1.5)
      concurrent-ruby (~> 1.0, >= 1.0.2)
      i18n (~> 0.7)
      minitest (~> 5.1)
      tzinfo (~> 1.1)
    concurrent-ruby (1.0.5)
    connection_pool (2.2.1)
    globalid (0.4.1)
      activesupport (>= 4.2.0)
    i18n (0.9.5)
      concurrent-ruby (~> 1.0)
    minitest (5.10.3)
    minitest-hooks (1.4.2)
    rake (12.1.0)
    thread_safe (0.3.6)
    tzinfo (1.2.5)
      thread_safe (~> 0.1)

PLATFORMS
  ruby

DEPENDENCIES
  activejob (>= 5.1.5)
  faktory_worker_ruby!
  minitest (~> 5)
  minitest-hooks
  rake (~> 12)

BUNDLED WITH
   1.16.0
